GEM
  remote: https://rubygems.org/
  specs:
    date (2.0.1)

PLATFORMS
  ruby

DEPENDENCIES
  date

BUNDLED WITH
   2.0.2
